GEM
  remote: http://rubygems.org/
  specs:
    activemodel (3.2.14)
      activesupport (= 3.2.14)
      builder (~> 3.0.0)
    activesupport (3.2.14)
      i18n (~> 0.6, >= 0.6.4)
      multi_json (~> 1.0)
    ansi (1.4.3)
    armor (0.0.2)
    backports (3.3.3)
    builder (3.0.4)
    capistrano (2.15.5)
      highline
      net-scp (>= 1.0.0)
      net-sftp (>= 2.0.0)
      net-ssh (>= 2.0.14)
      net-ssh-gateway (>= 1.1.0)
    capybara (2.1.0)
      mime-types (>= 1.16)
      nokogiri (>= 1.3.3)
      rack (>= 1.0.0)
      rack-test (>= 0.5.4)
      xpath (~> 2.0)
    clap (1.0.0)
    eventmachine (1.0.3)
    haml (4.0.3)
      tilt
    highline (1.6.19)
    i18n (0.6.5)
    json (1.8.0)
    kgio (2.8.0)
    mime-types (1.23)
    mini_portile (0.5.1)
    mongoid (3.0.23)
      activemodel (~> 3.1)
      moped (~> 1.2)
      origin (~> 1.0)
      tzinfo (~> 0.3.22)
    moped (1.5.1)
    multi_json (1.7.9)
    nest (1.1.2)
      redis
    net-scp (1.1.2)
      net-ssh (>= 2.6.5)
    net-sftp (2.1.2)
      net-ssh (>= 2.6.5)
    net-ssh (2.6.8)
    net-ssh-gateway (1.2.0)
      net-ssh (>= 2.6.5)
    nokogiri (1.6.0)
      mini_portile (~> 0.5.0)
    origin (1.1.0)
    ost (0.1.5)
      nest (~> 1.0)
    ost-bin (0.0.3)
      clap
      ost
    rack (1.5.2)
    rack-flash3 (1.0.3)
      rack
      rack
    rack-protection (1.5.0)
      rack
    rack-recaptcha (0.6.6)
      json
    rack-test (0.6.2)
      rack (>= 1.0)
    raindrops (0.11.0)
    rake (10.1.0)
    redis (3.0.4)
    shield (2.0.0)
      armor
    shotgun (0.9)
      rack (>= 1.0)
    sinatra (1.4.3)
      rack (~> 1.4)
      rack-protection (~> 1.4)
      tilt (~> 1.3, >= 1.3.4)
    sinatra-contrib (1.4.0)
      backports (>= 2.0)
      eventmachine
      rack-protection
      rack-test
      sinatra (~> 1.4.2)
      tilt (~> 1.3)
    sinatra-partial (0.4.0)
      sinatra
    tilt (1.4.1)
    turn (0.9.6)
      ansi
    tzinfo (0.3.37)
    unicorn (4.6.3)
      kgio (~> 2.6)
      rack
      raindrops (~> 0.7)
    xpath (2.0.0)
      nokogiri (~> 1.3)

PLATFORMS
  ruby

DEPENDENCIES
  capistrano (= 2.15.5)
  capybara
  haml (= 4.0.3)
  mongoid (~> 3.0.0)
  ost (= 0.1.5)
  ost-bin (= 0.0.3)
  rack-flash3 (= 1.0.3)
  rack-protection (= 1.5.0)
  rack-recaptcha (= 0.6.6)
  rack-test (= 0.6.2)
  rake (= 10.1.0)
  shield (= 2.0.0)
  shotgun (= 0.9)
  sinatra (= 1.4.3)
  sinatra-contrib (= 1.4.0)
  sinatra-partial (= 0.4.0)
  turn
  unicorn (= 4.6.3)
